GIT
  remote: git://github.com/jwhitehorn/pi_piper.git
  revision: 1b31cda43a9796d3b6407867c03fe3271f5784f8
  ref: 1b31cda43a
  specs:
    pi_piper (2.0.beta.11)
      eventmachine (= 1.0.3)
      ffi

GEM
  remote: https://rubygems.org/
  specs:
    dotenv (0.11.1)
      dotenv-deployment (~> 0.0.2)
    dotenv-deployment (0.0.2)
    ethon (0.7.0)
      ffi (>= 1.3.0)
    eventmachine (1.0.3)
    ffi (1.9.3)
    json (1.8.1)
    rb-fsevent (0.9.4)
    rb-inotify (0.9.4)
      ffi (>= 0.5.0)
    typhoeus (0.6.8)
      ethon (>= 0.7.0)

PLATFORMS
  ruby

DEPENDENCIES
  dotenv (~> 0.11.1)
  json (~> 1.8.1)
  pi_piper!
  rb-fsevent (~> 0.9.4)
  rb-inotify (~> 0.9.4)
  typhoeus (~> 0.6.8)
