GEM
  remote: https://rubygems.org/
  specs:
    dotenv (0.11.1)
      dotenv-deployment (~> 0.0.2)
    dotenv-deployment (0.0.2)
    ethon (0.7.0)
      ffi (>= 1.3.0)
    ffi (1.9.3)
    json (1.8.1)
    pi_piper (1.3.2)
      ffi
    rb-inotify (0.9.4)
      ffi (>= 0.5.0)
    typhoeus (0.6.8)
      ethon (>= 0.7.0)

PLATFORMS
  ruby

DEPENDENCIES
  dotenv (~> 0.11.1)
  json (~> 1.8.1)
  pi_piper (~> 1.3.2)
  rb-inotify (~> 0.9.4)
  typhoeus (~> 0.6.8)
